GEM
  remote: https://rubygems.org/
  specs:
    addressable (2.3.5)
    atomic (1.1.14)
    axiom-types (0.0.5)
      descendants_tracker (~> 0.0.1)
      ice_nine (~> 0.9)
    barometer (0.9.4)
      addressable
      httpclient
      multi_json (~> 1.0)
      nokogiri
      nori
      tzinfo (>= 0.3.14)
      virtus (>= 1.0.0)
      yajl-ruby
    coercible (1.0.0)
      descendants_tracker (~> 0.0.1)
    descendants_tracker (0.0.3)
    equalizer (0.0.9)
    httpclient (2.3.4.1)
    ice_nine (0.11.0)
    mini_portile (0.5.2)
    multi_json (1.8.4)
    nokogiri (1.6.1)
      mini_portile (~> 0.5.0)
    nokogiri (1.6.1-x86-mingw32)
      mini_portile (~> 0.5.0)
    nori (2.3.0)
    srgs (1.0.1)
      nokogiri
    thread_safe (0.1.3)
      atomic
    tzinfo (1.1.0)
      thread_safe (~> 0.1)
    virtus (1.0.1)
      axiom-types (~> 0.0.5)
      coercible (~> 1.0)
      descendants_tracker (~> 0.0.1)
      equalizer (~> 0.0.7)
    yajl-ruby (1.2.0)

PLATFORMS
  ruby
  x86-mingw32

DEPENDENCIES
  barometer
  srgs (~> 1.0.0)
